GIT
  remote: git@github.com:engines/logger
  revision: 42dd990e90312e57c5aa01fe7bb0bf7b80a09574
  specs:
    engines-logger (0.2.0)
      dry-inflector (~> 0.1)
      logging (~> 2.3)

PATH
  remote: ../Spaces
  specs:
    spaces (0.1.0)
      addressable (~> 2.7)
      docker-api (~> 2.1)
      duplicate (~> 1.1)
      engines-logger (= 0.2.0)
      git (~> 1.8)
      i18n (~> 1.8)
      packer-client (= 0.2.0)
      ruby-terraform (= 0.64)
      yajl-ruby (~> 1.4)

GEM
  remote: https://rubygems.org/
  specs:
    addressable (2.7.0)
      public_suffix (>= 2.0.2, < 5.0)
    byebug (11.1.3)
    concurrent-ruby (1.1.8)
    daemons (1.3.1)
    diff-lcs (1.4.4)
    docker-api (2.1.0)
      excon (>= 0.47.0)
      multi_json
    domain_name (0.5.20190701)
      unf (>= 0.0.5, < 1.0.0)
    dry-inflector (0.2.0)
    duplicate (1.1.1)
    eventmachine (1.2.7)
    excon (0.81.0)
    fastimage (2.2.3)
    git (1.8.1)
      rchardet (~> 1.8)
    hamster (3.0.0)
      concurrent-ruby (~> 1.0)
    http-accept (1.7.0)
    http-cookie (1.0.3)
      domain_name (~> 0.5)
    i18n (1.8.10)
      concurrent-ruby (~> 1.0)
    letter_avatar (0.3.8)
    lino (3.0.0)
      hamster (~> 3.0)
      open4 (~> 1.3)
    little-plugger (1.1.4)
    logging (2.3.0)
      little-plugger (~> 1.1)
      multi_json (~> 1.14)
    mime-types (3.3.1)
      mime-types-data (~> 3.2015)
    mime-types-data (3.2021.0225)
    mini_magick (4.11.0)
    mixlib-shellout (2.4.4)
    multi_json (1.15.0)
    mustermann (1.1.1)
      ruby2_keywords (~> 0.0.1)
    netrc (0.11.0)
    open4 (1.3.4)
    os (0.9.6)
    packer-client (0.2.0)
      mixlib-shellout (~> 2.2)
      os (~> 0.9)
    public_suffix (4.0.6)
    rack (2.2.3)
    rack-protection (2.1.0)
      rack
    rack-test (1.1.0)
      rack (>= 1.0, < 3)
    rchardet (1.8.0)
    rest-client (2.1.0)
      http-accept (>= 1.7.0, < 2.0)
      http-cookie (>= 1.0.2, < 2.0)
      mime-types (>= 1.16, < 4.0)
      netrc (~> 0.8)
    rspec (3.10.0)
      rspec-core (~> 3.10.0)
      rspec-expectations (~> 3.10.0)
      rspec-mocks (~> 3.10.0)
    rspec-core (3.10.1)
      rspec-support (~> 3.10.0)
    rspec-expectations (3.10.1)
      diff-lcs (>= 1.2.0, < 2.0)
      rspec-support (~> 3.10.0)
    rspec-mocks (3.10.2)
      diff-lcs (>= 1.2.0, < 2.0)
      rspec-support (~> 3.10.0)
    rspec-support (3.10.2)
    ruby-terraform (0.64.0)
      lino (>= 1.5)
    ruby2_keywords (0.0.2)
    sinatra (2.1.0)
      mustermann (~> 1.0)
      rack (~> 2.2)
      rack-protection (= 2.1.0)
      tilt (~> 2.0)
    sinatra-contrib (2.1.0)
      multi_json
      mustermann (~> 1.0)
      rack-protection (= 2.1.0)
      sinatra (= 2.1.0)
      tilt (~> 2.0)
    thin (1.7.2)
      daemons (~> 1.0, >= 1.0.9)
      eventmachine (~> 1.0, >= 1.0.4)
      rack (>= 1, < 3)
    tilt (2.0.10)
    unf (0.1.4)
      unf_ext
    unf_ext (0.0.7.7)
    yajl-ruby (1.4.1)

PLATFORMS
  ruby

DEPENDENCIES
  byebug
  docker-api
  engines-logger (= 0.2.0)!
  fastimage
  letter_avatar
  mini_magick
  rack-test
  rest-client
  rspec
  sinatra
  sinatra-contrib
  spaces (= 0.1.0)!
  thin

BUNDLED WITH
   2.1.4
